GIT
  remote: https://github.com/davydovanton/sidekiq-statistic.git
  revision: f7476c9a9ab30a1988ae4127e256c63f38f782e1
  specs:
    sidekiq-statistic (1.3.0)
      sidekiq (>= 5.0)
      tilt (~> 2.0)

GEM
  remote: https://rubygems.org/
  specs:
    abstract_type (0.0.7)
    actioncable (5.1.4)
      actionpack (= 5.1.4)
      nio4r (~> 2.0)
      websocket-driver (~> 0.6.1)
    actionmailer (5.1.4)
      actionpack (= 5.1.4)
      actionview (= 5.1.4)
      activejob (= 5.1.4)
      mail (~> 2.5, >= 2.5.4)
      rails-dom-testing (~> 2.0)
    actionpack (5.1.4)
      actionview (= 5.1.4)
      activesupport (= 5.1.4)
      rack (~> 2.0)
      rack-test (>= 0.6.3)
      rails-dom-testing (~> 2.0)
      rails-html-sanitizer (~> 1.0, >= 1.0.2)
    actionview (5.1.4)
      activesupport (= 5.1.4)
      builder (~> 3.1)
      erubi (~> 1.4)
      rails-dom-testing (~> 2.0)
      rails-html-sanitizer (~> 1.0, >= 1.0.3)
    active_model_serializers (0.10.7)
      actionpack (>= 4.1, < 6)
      activemodel (>= 4.1, < 6)
      case_transform (>= 0.2)
      jsonapi-renderer (>= 0.1.1.beta1, < 0.3)
    activejob (5.1.4)
      activesupport (= 5.1.4)
      globalid (>= 0.3.6)
    activemodel (5.1.4)
      activesupport (= 5.1.4)
    activerecord (5.1.4)
      activemodel (= 5.1.4)
      activesupport (= 5.1.4)
      arel (~> 8.0)
    activesupport (5.1.4)
      concurrent-ruby (~> 1.0, >= 1.0.2)
      i18n (~> 0.7)
      minitest (~> 5.1)
      tzinfo (~> 1.1)
    acts_as_commentable_with_threading (2.0.1)
      activerecord (>= 4.0)
      activesupport (>= 4.0)
      awesome_nested_set (>= 3.0)
    adamantium (0.2.0)
      ice_nine (~> 0.11.0)
      memoizable (~> 0.4.0)
    addressable (2.5.2)
      public_suffix (>= 2.0.2, < 4.0)
    airbrussh (1.3.0)
      sshkit (>= 1.6.1, != 1.7.0)
    annotate (2.7.2)
      activerecord (>= 3.2, < 6.0)
      rake (>= 10.4, < 13.0)
    archive-zip (0.7.0)
      io-like (~> 0.3.0)
    arel (8.0.0)
    arrayfields (4.9.2)
    ast (2.3.0)
    auto_strip_attributes (2.2.0)
      activerecord (>= 3.0)
    awesome_nested_set (3.1.3)
      activerecord (>= 4.0.0, < 5.2)
    awesome_print (1.8.0)
    axiom-types (0.1.1)
      descendants_tracker (~> 0.0.4)
      ice_nine (~> 0.11.0)
      thread_safe (~> 0.3, >= 0.3.1)
    bcrypt (3.1.11)
    better_errors (2.4.0)
      coderay (>= 1.0.0)
      erubi (>= 1.0.0)
      rack (>= 0.9.0)
    binding_of_caller (0.8.0)
      debug_inspector (>= 0.0.1)
    brakeman (4.1.1)
    browser (2.5.2)
    builder (3.2.3)
    bullet (5.7.1)
      activesupport (>= 3.0.0)
      uniform_notifier (~> 1.11.0)
    cane (2.6.2)
      parallel
    capistrano (3.10.1)
      airbrussh (>= 1.0.0)
      i18n
      rake (>= 10.0.0)
      sshkit (>= 1.9.0)
    capistrano-bundler (1.3.0)
      capistrano (~> 3.1)
      sshkit (~> 1.2)
    capistrano-db-tasks (0.6)
      capistrano (>= 3.0.0)
    capistrano-rails (1.3.1)
      capistrano (~> 3.1)
      capistrano-bundler (~> 1.1)
    capistrano-rails-console (2.2.1)
      capistrano (>= 3.5.0, < 4.0.0)
      sshkit-interactive (~> 0.2.0)
    capistrano-rvm (0.1.2)
      capistrano (~> 3.0)
      sshkit (~> 1.2)
    capistrano-sidekiq (0.20.0)
      capistrano (>= 3.9.0)
      sidekiq (>= 3.4)
    capybara (2.17.0)
      addressable
      mini_mime (>= 0.1.3)
      nokogiri (>= 1.3.3)
      rack (>= 1.0.0)
      rack-test (>= 0.5.4)
      xpath (>= 2.0, < 4.0)
    capybara-email (2.5.0)
      capybara (~> 2.4)
      mail
    capybara-screenshot (1.0.18)
      capybara (>= 1.0, < 3)
      launchy
    carrierwave (1.2.2)
      activemodel (>= 4.0.0)
      activesupport (>= 4.0.0)
      mime-types (>= 1.16)
    case_transform (0.2)
      activesupport
    childprocess (0.8.0)
      ffi (~> 1.0, >= 1.0.11)
    chromedriver-helper (1.1.0)
      archive-zip (~> 0.7.0)
      nokogiri (~> 1.6)
    chronic (0.10.2)
    churn (0.0.35)
      chronic (>= 0.2.3)
      hirb
      json_pure
      main
      rest-client (>= 1.6.0)
      ruby_parser (~> 3.0)
      sexp_processor (~> 4.1)
    code_analyzer (0.4.8)
      sexp_processor
    code_metrics (0.1.3)
    coderay (1.1.2)
    coercible (1.0.0)
      descendants_tracker (~> 0.0.1)
    colorize (0.8.1)
    concord (0.1.5)
      adamantium (~> 0.2.0)
      equalizer (~> 0.0.9)
    concurrent-ruby (1.0.5)
    connection_pool (2.2.1)
    crass (1.0.3)
    database_cleaner (1.6.2)
    date_validator (0.9.0)
      activemodel
      activesupport
    debug_inspector (0.0.3)
    descendants_tracker (0.0.4)
      thread_safe (~> 0.3, >= 0.3.1)
    devise (4.4.0)
      bcrypt (~> 3.0)
      orm_adapter (~> 0.1)
      railties (>= 4.1.0, < 5.2)
      responders
      warden (~> 1.2.3)
    diff-lcs (1.3)
    docile (1.1.5)
    domain_name (0.5.20170404)
      unf (>= 0.0.5, < 1.0.0)
    easy_translate (0.5.1)
      thread
      thread_safe
    elasticsearch (6.0.0)
      elasticsearch-api (= 6.0.0)
      elasticsearch-transport (= 6.0.0)
    elasticsearch-api (6.0.0)
      multi_json
    elasticsearch-transport (6.0.0)
      faraday
      multi_json
    equalizer (0.0.11)
    erubi (1.7.0)
    erubis (2.7.0)
    et-orbi (1.0.8)
      tzinfo
    ethon (0.11.0)
      ffi (>= 1.3.0)
    factory_girl (4.9.0)
      activesupport (>= 3.0.0)
    factory_girl_rails (4.9.0)
      factory_girl (~> 4.9.0)
      railties (>= 3.0.0)
    faker (1.8.7)
      i18n (>= 0.7)
    faraday (0.13.1)
      multipart-post (>= 1.2, < 3)
    fasterer (0.3.2)
      colorize (~> 0.7)
      ruby_parser (~> 3.7)
    fattr (2.3.0)
    ffi (1.9.18)
    flay (2.10.0)
      erubis (~> 2.7.0)
      path_expander (~> 1.0)
      ruby_parser (~> 3.0)
      sexp_processor (~> 4.0)
    flog (4.6.1)
      path_expander (~> 1.0)
      ruby_parser (~> 3.1, > 3.1.0)
      sexp_processor (~> 4.8)
    formatador (0.2.5)
    friendly_id (5.2.3)
      activerecord (>= 4.0.0)
    fuubar (2.3.1)
      rspec-core (~> 3.0)
      ruby-progressbar (~> 1.4)
    geocoder (1.4.5)
    globalid (0.4.1)
      activesupport (>= 4.2.0)
    guard (2.14.2)
      formatador (>= 0.2.4)
      listen (>= 2.7, < 4.0)
      lumberjack (>= 1.0.12, < 2.0)
      nenv (~> 0.1)
      notiffany (~> 0.0)
      pry (>= 0.9.12)
      shellany (~> 0.0)
      thor (>= 0.18.1)
    guard-annotate (2.3)
      annotate (~> 2.4, >= 2.4.0)
      guard-compat (~> 1.2, >= 1.2.1)
    guard-bundler (2.1.0)
      bundler (~> 1.0)
      guard (~> 2.2)
      guard-compat (~> 1.1)
    guard-compat (1.2.1)
    guard-migrate (2.0.0)
      activerecord (>= 4.1.0)
      guard (~> 2.3)
      guard-compat (~> 1.1)
    guard-process (1.2.1)
      guard-compat (~> 1.2, >= 1.2.1)
      spoon (~> 0.0.1)
    guard-rails (0.8.1)
      guard (~> 2.11)
      guard-compat (~> 1.0)
    guard-rake (1.0.0)
      guard
      rake
    guard-rspec (4.7.3)
      guard (~> 2.1)
      guard-compat (~> 1.1)
      rspec (>= 2.99.0, < 4.0)
    guard-sidekiq (0.1.0)
      guard (>= 2)
      sidekiq
    hashie (3.5.7)
    highline (1.7.10)
    hirb (0.7.3)
    hiredis (0.6.1)
    html_validation (1.1.5)
    http-cookie (1.0.3)
      domain_name (~> 0.5)
    http_accept_language (2.1.1)
    i18n (0.9.1)
      concurrent-ruby (~> 1.0)
    i18n-js (3.0.0)
      i18n (~> 0.6, >= 0.6.6)
    i18n-tasks (0.9.19)
      activesupport (>= 4.0.2)
      ast (>= 2.1.0)
      easy_translate (>= 0.5.0)
      erubi
      highline (>= 1.7.3)
      i18n
      parser (>= 2.2.3.0)
      rainbow (~> 2.2)
      terminal-table (>= 1.5.1)
    ice_nine (0.11.2)
    io-like (0.3.0)
    json (2.1.0)
    json_pure (2.1.0)
    jsonapi-renderer (0.2.0)
    launchy (2.4.3)
      addressable (~> 2.3)
    listen (3.1.5)
      rb-fsevent (~> 0.9, >= 0.9.4)
      rb-inotify (~> 0.9, >= 0.9.7)
      ruby_dep (~> 1.2)
    lograge (0.9.0)
      actionpack (>= 4)
      activesupport (>= 4)
      railties (>= 4)
      request_store (~> 1.0)
    lol_dba (2.1.4)
      actionpack (>= 3.0)
      activerecord (>= 3.0)
      railties (>= 3.0)
    loofah (2.1.1)
      crass (~> 1.0.2)
      nokogiri (>= 1.5.9)
    lumberjack (1.0.12)
    mail (2.7.0)
      mini_mime (>= 0.1.1)
    main (6.2.2)
      arrayfields (~> 4.7, >= 4.7.4)
      chronic (~> 0.6, >= 0.6.2)
      fattr (~> 2.2, >= 2.2.0)
      map (~> 6.1, >= 6.1.0)
    map (6.6.0)
    maxminddb (0.1.15)
    memoizable (0.4.2)
      thread_safe (~> 0.3, >= 0.3.1)
    meta-tags (2.7.0)
      actionpack (>= 3.2.0, < 5.3)
    method_source (0.9.0)
    metric_fu (4.12.0)
      cane (~> 2.5, >= 2.5.2)
      churn (~> 0.0.35)
      code_metrics (~> 0.1)
      coderay
      flay (~> 2.1, >= 2.0.1)
      flog (~> 4.1, >= 4.1.1)
      launchy (~> 2.0)
      metric_fu-Saikuro (~> 1.1, >= 1.1.3)
      multi_json
      rails_best_practices (~> 1.14, >= 1.14.3)
      redcard
      reek (>= 1.3.4, < 3.0)
      roodi (~> 3.1)
    metric_fu-Saikuro (1.1.3)
    mime-types (3.1)
      mime-types-data (~> 3.2015)
    mime-types-data (3.2016.0521)
    mini_magick (4.8.0)
    mini_mime (1.0.0)
    mini_portile2 (2.3.0)
    minitest (5.11.1)
    multi_json (1.13.1)
    multipart-post (2.0.0)
    nenv (0.3.0)
    net-scp (1.2.1)
      net-ssh (>= 2.6.5)
    net-ssh (4.2.0)
    netrc (0.11.0)
    newrelic_rpm (4.7.1.340)
    nio4r (2.2.0)
    nokogiri (1.8.1)
      mini_portile2 (~> 2.3.0)
    nokogumbo (1.4.13)
      nokogiri
    notiffany (0.1.1)
      nenv (~> 0.1)
      shellany (~> 0.0)
    oj (3.3.10)
    oj_mimic_json (1.0.1)
    orm_adapter (0.5.0)
    paper_trail (8.1.2)
      activerecord (>= 4.2, < 5.2)
      request_store (~> 1.1)
    parallel (1.12.1)
    paranoia (2.4.0)
      activerecord (>= 4.0, < 5.2)
    parser (2.4.0.2)
      ast (~> 2.3)
    passenger (5.1.12)
      rack
      rake (>= 0.8.1)
    path_expander (1.0.2)
    pg (0.21.0)
    powerpack (0.1.1)
    procto (0.0.3)
    pry (0.11.3)
      coderay (~> 1.1.0)
      method_source (~> 0.9.0)
    pry-rails (0.3.6)
      pry (>= 0.10.4)
    public_activity (1.5.0)
      actionpack (>= 3.0.0)
      activerecord (>= 3.0)
      i18n (>= 0.5.0)
      railties (>= 3.0.0)
    public_suffix (3.0.1)
    puma (3.11.0)
    pundit (1.1.0)
      activesupport (>= 3.0.0)
    rack (2.0.3)
    rack-attack (5.0.1)
      rack
    rack-cache (1.7.1)
      rack (>= 0.4)
    rack-protection (2.0.0)
      rack
    rack-test (0.8.2)
      rack (>= 1.0, < 3)
    rails (5.1.4)
      actioncable (= 5.1.4)
      actionmailer (= 5.1.4)
      actionpack (= 5.1.4)
      actionview (= 5.1.4)
      activejob (= 5.1.4)
      activemodel (= 5.1.4)
      activerecord (= 5.1.4)
      activesupport (= 5.1.4)
      bundler (>= 1.3.0)
      railties (= 5.1.4)
      sprockets-rails (>= 2.0.0)
    rails-dom-testing (2.0.3)
      activesupport (>= 4.2.0)
      nokogiri (>= 1.6)
    rails-html-sanitizer (1.0.3)
      loofah (~> 2.0)
    rails-settings-cached (0.6.6)
      rails (>= 4.2.0)
    rails_best_practices (1.19.0)
      activesupport
      code_analyzer (>= 0.4.8)
      erubis
      i18n
      json
      require_all
      ruby-progressbar
    railties (5.1.4)
      actionpack (= 5.1.4)
      activesupport (= 5.1.4)
      method_source
      rake (>= 0.8.7)
      thor (>= 0.18.1, < 2.0)
    rainbow (2.2.2)
      rake
    rake (12.3.0)
    rb-fsevent (0.10.2)
    rb-inotify (0.9.10)
      ffi (>= 0.5.0, < 2)
    readthis (2.1.0)
      connection_pool (~> 2.1)
      redis (>= 3.0, < 5.0)
    redcard (1.1.0)
    redis (3.3.5)
    redis-namespace (1.6.0)
      redis (>= 3.0.4)
    redis-rack-cache (2.0.2)
      rack-cache (>= 1.6, < 2)
      redis-store (>= 1.2, < 2)
    redis-session-store (0.9.2)
      actionpack (>= 3, < 5.2)
      redis (~> 3)
    redis-store (1.4.1)
      redis (>= 2.2, < 5)
    reek (2.2.1)
      parser (~> 2.2)
      rainbow (~> 2.0)
      unparser (~> 0.2.2)
    request_store (1.4.0)
      rack (>= 1.4)
    require_all (1.5.0)
    responders (2.4.0)
      actionpack (>= 4.2.0, < 5.3)
      railties (>= 4.2.0, < 5.3)
    rest-client (2.0.2)
      http-cookie (>= 1.0.2, < 2.0)
      mime-types (>= 1.16, < 4.0)
      netrc (~> 0.8)
    roodi (3.3.1)
      ruby_parser (~> 3.2, >= 3.2.2)
    rspec (3.7.0)
      rspec-core (~> 3.7.0)
      rspec-expectations (~> 3.7.0)
      rspec-mocks (~> 3.7.0)
    rspec-core (3.7.1)
      rspec-support (~> 3.7.0)
    rspec-expectations (3.7.0)
      diff-lcs (>= 1.2.0, < 2.0)
      rspec-support (~> 3.7.0)
    rspec-mocks (3.7.0)
      diff-lcs (>= 1.2.0, < 2.0)
      rspec-support (~> 3.7.0)
    rspec-rails (3.7.2)
      actionpack (>= 3.0)
      activesupport (>= 3.0)
      railties (>= 3.0)
      rspec-core (~> 3.7.0)
      rspec-expectations (~> 3.7.0)
      rspec-mocks (~> 3.7.0)
      rspec-support (~> 3.7.0)
    rspec-support (3.7.0)
    rubocop (0.52.1)
      parallel (~> 1.10)
      parser (>= 2.4.0.2, < 3.0)
      powerpack (~> 0.1)
      rainbow (>= 2.2.2, < 4.0)
      ruby-progressbar (~> 1.7)
      unicode-display_width (~> 1.0, >= 1.0.1)
    ruby-progressbar (1.9.0)
    ruby_dep (1.5.0)
    ruby_parser (3.10.1)
      sexp_processor (~> 4.9)
    rubyzip (1.2.1)
    rufus-scheduler (3.4.2)
      et-orbi (~> 1.0)
    sanitize (4.5.0)
      crass (~> 1.0.2)
      nokogiri (>= 1.4.4)
      nokogumbo (~> 1.4.1)
    sass (3.4.25)
    scss-lint (0.38.0)
      rainbow (~> 2.0)
      sass (~> 3.4.1)
    searchkick (2.4.0)
      activemodel (>= 4.1)
      elasticsearch (>= 1)
      hashie
    secure_headers (5.0.4)
      useragent (>= 0.15.0)
    selenium-webdriver (3.8.0)
      childprocess (~> 0.5)
      rubyzip (~> 1.0)
    sexp_processor (4.10.0)
    shellany (0.0.1)
    shoulda-callback-matchers (1.1.4)
      activesupport (>= 3)
    shoulda-matchers (3.1.2)
      activesupport (>= 4.0.0)
    sidekiq (5.0.5)
      concurrent-ruby (~> 1.0)
      connection_pool (~> 2.2, >= 2.2.0)
      rack-protection (>= 1.5.0)
      redis (>= 3.3.4, < 5)
    sidekiq-cron (0.6.3)
      rufus-scheduler (>= 3.3.0)
      sidekiq (>= 4.2.1)
    simpleconfig (2.0.1)
    simplecov (0.15.1)
      docile (~> 1.1.0)
      json (>= 1.8, < 3)
      simplecov-html (~> 0.10.0)
    simplecov-html (0.10.2)
    slim (3.0.9)
      temple (>= 0.7.6, < 0.9)
      tilt (>= 1.3.3, < 2.1)
    slim-rails (3.1.3)
      actionpack (>= 3.1)
      railties (>= 3.1)
      slim (~> 3.0)
    spoon (0.0.6)
      ffi
    spring (2.0.2)
      activesupport (>= 4.2)
    spring-commands-rspec (1.0.4)
      spring (>= 0.9.1)
    spring-watcher-listen (2.0.1)
      listen (>= 2.7, < 4.0)
      spring (>= 1.2, < 3.0)
    sprockets (3.7.1)
      concurrent-ruby (~> 1.0)
      rack (> 1, < 3)
    sprockets-rails (3.2.1)
      actionpack (>= 4.0)
      activesupport (>= 4.0)
      sprockets (>= 3.0.0)
    sshkit (1.15.1)
      net-scp (>= 1.1.2)
      net-ssh (>= 2.8.0)
    sshkit-interactive (0.2.3)
      sshkit (~> 1.12)
    statistics2 (0.54)
    storext (2.2.2)
      rails (>= 4.0, < 6.0)
      virtus
    temple (0.8.0)
    terminal-table (1.8.0)
      unicode-display_width (~> 1.1, >= 1.1.1)
    thor (0.20.0)
    thread (0.2.2)
    thread_safe (0.3.6)
    thumbs_up (0.6.9)
      activerecord (> 4.2, < 6)
      statistics2
    tilt (2.0.8)
    typhoeus (1.3.0)
      ethon (>= 0.9.0)
    tzinfo (1.2.4)
      thread_safe (~> 0.1)
    unf (0.1.4)
      unf_ext
    unf_ext (0.0.7.4)
    unicode-display_width (1.3.0)
    uniform_notifier (1.11.0)
    unique_validation_inspector (0.2.0)
      rails (>= 3.0.0)
    unparser (0.2.6)
      abstract_type (~> 0.0.7)
      adamantium (~> 0.2.0)
      concord (~> 0.1.5)
      diff-lcs (~> 1.3)
      equalizer (~> 0.0.9)
      parser (>= 2.3.1.2, < 2.5)
      procto (~> 0.0.2)
    useragent (0.16.9)
    virtus (1.0.5)
      axiom-types (~> 0.1)
      coercible (~> 1.0)
      descendants_tracker (~> 0.0, >= 0.0.3)
      equalizer (~> 0.0, >= 0.0.9)
    warden (1.2.7)
      rack (>= 1.0)
    websocket-driver (0.6.5)
      websocket-extensions (>= 0.1.0)
    websocket-extensions (0.1.3)
    whenever (0.10.0)
      chronic (>= 0.6.3)
    xpath (3.0.0)
      nokogiri (~> 1.8)

PLATFORMS
  ruby

DEPENDENCIES
  active_model_serializers (= 0.10.7)
  acts_as_commentable_with_threading (= 2.0.1)
  auto_strip_attributes (= 2.2.0)
  awesome_print (= 1.8.0)
  better_errors (= 2.4.0)
  binding_of_caller (= 0.8.0)
  brakeman (= 4.1.1)
  browser (= 2.5.2)
  bullet (= 5.7.1)
  capistrano (= 3.10.1)
  capistrano-bundler (= 1.3.0)
  capistrano-db-tasks (= 0.6)
  capistrano-rails (= 1.3.1)
  capistrano-rails-console (= 2.2.1)
  capistrano-rvm (= 0.1.2)
  capistrano-sidekiq (= 0.20.0)
  capybara (= 2.17.0)
  capybara-email (= 2.5.0)
  capybara-screenshot (= 1.0.18)
  carrierwave (= 1.2.2)
  chromedriver-helper (= 1.1.0)
  database_cleaner (= 1.6.2)
  date_validator (= 0.9.0)
  devise (= 4.4.0)
  factory_girl_rails (= 4.9.0)
  faker (= 1.8.7)
  fasterer (= 0.3.2)
  friendly_id (= 5.2.3)
  fuubar (= 2.3.1)
  geocoder (= 1.4.5)
  guard (= 2.14.2)
  guard-annotate (= 2.3)
  guard-bundler (= 2.1.0)
  guard-migrate (= 2.0.0)
  guard-process (= 1.2.1)
  guard-rails (= 0.8.1)
  guard-rake (= 1.0.0)
  guard-rspec (= 4.7.3)
  guard-sidekiq (= 0.1.0)
  hiredis (= 0.6.1)
  html_validation (= 1.1.5)
  http_accept_language (= 2.1.1)
  i18n-js (= 3.0.0)
  i18n-tasks (= 0.9.19)
  launchy (= 2.4.3)
  lograge (= 0.9.0)
  lol_dba (= 2.1.4)
  maxminddb (= 0.1.15)
  meta-tags (= 2.7.0)
  metric_fu (= 4.12.0)
  mini_magick (= 4.8.0)
  newrelic_rpm (= 4.7.1.340)
  oj (= 3.3.10)
  oj_mimic_json (= 1.0.1)
  paper_trail (= 8.1.2)
  paranoia (= 2.4.0)
  passenger (~> 5)
  pg (= 0.21.0)
  pry-rails (= 0.3.6)
  public_activity (= 1.5.0)
  puma (= 3.11.0)
  pundit (= 1.1.0)
  rack-attack (= 5.0.1)
  rails (= 5.1.4)
  rails-settings-cached (= 0.6.6)
  rails_best_practices (= 1.19.0)
  readthis (= 2.1.0)
  redis-namespace (= 1.6.0)
  redis-rack-cache (= 2.0.2)
  redis-session-store (= 0.9.2)
  responders (= 2.4.0)
  rspec-rails (= 3.7.2)
  rubocop (= 0.52.1)
  sanitize (= 4.5.0)
  scss-lint (= 0.38.0)
  searchkick (= 2.4.0)
  secure_headers (= 5.0.4)
  selenium-webdriver (= 3.8.0)
  shoulda-callback-matchers (= 1.1.4)
  shoulda-matchers (= 3.1.2)
  sidekiq (= 5.0.5)
  sidekiq-cron (= 0.6.3)
  sidekiq-statistic!
  simpleconfig (= 2.0.1)
  simplecov (= 0.15.1)
  slim-rails (= 3.1.3)
  spring (= 2.0.2)
  spring-commands-rspec (= 1.0.4)
  spring-watcher-listen (= 2.0.1)
  storext (= 2.2.2)
  thumbs_up (= 0.6.9)
  typhoeus (= 1.3.0)
  unique_validation_inspector (= 0.2.0)
  whenever (= 0.10.0)

RUBY VERSION
   ruby 2.4.1p111

BUNDLED WITH
   1.16.1
